PATH
  remote: .
  specs:
    Nachos_Palindrome_Gem (0.1.0)

GEM
  remote: https://rubygems.org/
  specs:
    ansi (1.5.0)
    builder (3.2.4)
    minitest (5.14.4)
    minitest-reporters (1.2.0)
      ansi
      builder
      minitest (>= 5.0)
      ruby-progressbar
    rake (12.3.3)
    ruby-progressbar (1.11.0)

PLATFORMS
  x86_64-darwin-19

DEPENDENCIES
  Nachos_Palindrome_Gem!
  minitest (~> 5.0)
  minitest-reporters (= 1.2.0)
  rake (~> 12.0)

BUNDLED WITH
   2.2.24
